RESTRICTION: == net461
NUGET
  remote: https://www.nuget.org/api/v2
    FAKE (4.63.2)
    FSharp.Compiler.Tools (4.1.29)
    FSharp.Core (4.2.3)
    FSharp.NET.Sdk (1.0.5)
      FSharp.Compiler.Tools (>= 4.1.17)
    FsUnit.xUnit (3.1.0-beta2)
      FSharp.Core (>= 4.2.3 < 4.3)
      NHamcrest (>= 2.0.1 < 2.1)
      xunit (>= 2.3 < 2.4)
    Newtonsoft.Json (10.0.3)
    NHamcrest (2.0.1)
    ReportUnit (1.2.1)
    SpecFlow (2.2.1)
      Newtonsoft.Json (>= 9.0.1)
    SpecFlow.NetCore (1.1)
      Newtonsoft.Json (>= 9.0.1)
      System.Xml.XPath.XDocument (>= 4.0.1)
    System.Xml.XPath (4.3)
    System.Xml.XPath.XDocument (4.3)
      System.Xml.XPath (>= 4.3)
    TickSpec (1.0.1.1)
    xunit (2.3.1)
      xunit.analyzers (>= 0.7)
      xunit.assert (2.3.1)
      xunit.core (2.3.1)
    xunit.abstractions (2.0.1)
    xunit.analyzers (0.8)
    xunit.assert (2.3.1)
    xunit.core (2.3.1)
      xunit.extensibility.core (2.3.1)
      xunit.extensibility.execution (2.3.1)
    xunit.extensibility.core (2.3.1)
      xunit.abstractions (>= 2.0.1)
    xunit.extensibility.execution (2.3.1)
      xunit.extensibility.core (2.3.1)
    xunit.runner.console (2.3.1)
    xunit.runner.visualstudio (2.3.1)
