RESTRICTION: == net461
NUGET
  remote: https://www.nuget.org/api/v2
    dotnet-mono (0.3) - clitool: true
    FAKE (4.63.2)
    FSharp.Compiler.Tools (4.1.29)
    FSharp.Core (4.2.3)
    FSharp.NET.Sdk (1.0.5)
      FSharp.Compiler.Tools (>= 4.1.17)
    FsUnit.xUnit (3.0)
      FSharp.Core (>= 3.1.2.5)
      xunit (2.1)
    Newtonsoft.Json (10.0.3)
    ReportUnit (1.2.1)
    SpecFlow (2.2.1)
      Newtonsoft.Json (>= 9.0.1)
    SpecFlow.NetCore (1.0)
      Newtonsoft.Json (>= 9.0.1)
      System.Xml.XPath.XDocument (>= 4.0.1)
    System.Xml.XPath (4.3)
    System.Xml.XPath.XDocument (4.3)
      System.Xml.XPath (>= 4.3)
    TickSpec (1.0.1.1)
    xunit (2.1)
      xunit.assert (2.1)
      xunit.core (2.1)
    xunit.abstractions (2.0)
    xunit.assert (2.1)
    xunit.core (2.1)
      xunit.extensibility.core (2.1)
      xunit.extensibility.execution (2.1)
    xunit.extensibility.core (2.1)
      xunit.abstractions (2.0)
    xunit.extensibility.execution (2.1)
      xunit.extensibility.core (2.1)
    xunit.runner.console (2.3.1)
    xunit.runner.visualstudio (2.3.1)
